NUGET
  remote: https://www.nuget.org/api/v2
  specs:
    FAKE (4.1.0)
    FSharp.Compiler.Service (1.4.0.1)
    FSharp.Formatting (2.10.0)
      FSharp.Compiler.Service (>= 0.0.87)
      FSharpVSPowerTools.Core (1.8.0)
    FSharpVSPowerTools.Core (1.8.0)
      FSharp.Compiler.Service (>= 0.0.87)
    FSPowerPack.Community (3.0.0.0)
      FSPowerPack.Linq.Community
      FSPowerPack.Metadata.Community
      FSPowerPack.Parallel.Seq.Community
    FSPowerPack.Core.Community (3.0.0.0)
    FSPowerPack.Linq.Community (3.0.0.0)
      FSPowerPack.Core.Community
    FSPowerPack.Metadata.Community (3.0.0.0)
      FSPowerPack.Core.Community
    FSPowerPack.Parallel.Seq.Community (3.0.0.0)
      FSPowerPack.Core.Community
    NuGet.CommandLine (2.8.5)
    Microsoft.Bcl (1.1.10)
      Microsoft.Bcl.Build (>= 1.0.14)
    Microsoft.Bcl.Build (1.0.21)
    Microsoft.Net.Http (2.2.29)
      Microsoft.Bcl (>= 1.1.10)
      Microsoft.Bcl.Build (>= 1.0.14)
    NuGet.CommandLine (2.8.6)
    NUnit (2.6.3)
    NUnit.Runners (2.6.3)
    Octokit (0.14.0) - framework: wpv8.0
      Microsoft.Net.Http
    SourceLink.Fake (1.0.0)
    sqlite-net-wp8 (3.8.5) - framework: wpv8.0
    SQLite.Net-PCL (3.0.5)
      sqlite-net-wp8 (>= 3.8.5) - framework: wpv8.0
    SQLite.Net.Platform.Generic (2.4.1)
      SQLite.Net-PCL
    TaskParallelLibrary (1.0.2856.0)

GITHUB
  remote: fsharp/FAKE
  specs:
    modules/Octokit/Octokit.fsx (16296d960f02a6192baa9e3f9facb32aca7184bb)
      Octokit
